GEM
  remote: https://rubygems.org/
  specs:
    equatable (0.5.0)
    pastel (0.7.2)
      equatable (~> 0.5.0)
      tty-color (~> 0.4.0)
    sqlite3 (1.4.1)
    tty-color (0.4.3)
    tty-command (0.8.2)
      pastel (~> 0.7.0)
    terminal-table (3.0.2)

PLATFORMS
  ruby

DEPENDENCIES
  sqlite3 (~> 1.4)
  tty-command
  terminal-table

BUNDLED WITH
   1.16.3
